GEM
  remote: https://rubygems.org/
  specs:
    actionmailer (2.3.2)
      actionpack (= 2.3.2)
    actionpack (2.3.2)
      activesupport (= 2.3.2)
    activerecord (2.3.2)
      activesupport (= 2.3.2)
    activeresource (2.3.2)
      activesupport (= 2.3.2)
    activesupport (2.3.2)
    mysql2 (0.2.18)
    rails (2.3.2)
      actionmailer (= 2.3.2)
      actionpack (= 2.3.2)
      activerecord (= 2.3.2)
      activeresource (= 2.3.2)
      activesupport (= 2.3.2)
      rake (>= 0.8.3)
    rake (0.8.7)
    sqlite3 (1.3.6)
    will_paginate (2.3.16)

PLATFORMS
  ruby

DEPENDENCIES
  mysql2 (< 0.3)
  rails (= 2.3.2)
  rake (= 0.8.7)
  sqlite3
  will_paginate (= 2.3.16)
